GIT
  remote: https://github.com/fog/fog
  revision: 5dad9a5522ed20f02f71ff6450a02ba1984d6ecb
  specs:
    fog (1.19.0)
      builder
      excon (~> 0.31.0)
      formatador (~> 0.2.0)
      mime-types
      multi_json (~> 1.0)
      net-scp (~> 1.1)
      net-ssh (>= 2.1.3)
      nokogiri (~> 1.5)

GEM
  remote: https://rubygems.org/
  specs:
    builder (3.2.2)
    excon (0.31.0)
    formatador (0.2.4)
    mime-types (2.0)
    mini_portile (0.5.2)
    multi_json (1.8.4)
    net-scp (1.1.2)
      net-ssh (>= 2.6.5)
    net-ssh (2.7.0)
    nokogiri (1.6.1)
      mini_portile (~> 0.5.0)

PLATFORMS
  ruby

DEPENDENCIES
  fog!
